PATH
  remote: .
  specs:
    rbcli (0.3.0)
      aws-sdk-dynamodb (~> 1.51)
      colorize (~> 0.8)
      deep_merge (~> 1.2)
      macaddr (~> 1.7)
      mdless (~> 1.0)
      net-scp (~> 3.0)
      net-ssh (~> 6.1)
      octokit (~> 4.18)
      rufus-scheduler (~> 3.6)

GEM
  remote: https://rubygems.org/
  specs:
    addressable (2.8.0)
      public_suffix (>= 2.0.2, < 5.0)
    aws-eventstream (1.1.0)
    aws-partitions (1.348.0)
    aws-sdk-core (3.104.3)
      aws-eventstream (~> 1, >= 1.0.2)
      aws-partitions (~> 1, >= 1.239.0)
      aws-sigv4 (~> 1.1)
      jmespath (~> 1.0)
    aws-sdk-dynamodb (1.51.0)
      aws-sdk-core (~> 3, >= 3.99.0)
      aws-sigv4 (~> 1.1)
    aws-sigv4 (1.2.1)
      aws-eventstream (~> 1, >= 1.0.2)
    colorize (0.8.1)
    deep_merge (1.2.1)
    et-orbi (1.2.4)
      tzinfo
    faraday (1.0.1)
      multipart-post (>= 1.2, < 3)
    fugit (1.3.6)
      et-orbi (~> 1.1, >= 1.1.8)
      raabro (~> 1.3)
    jmespath (1.4.0)
    macaddr (1.7.2)
      systemu (~> 2.6.5)
    mdless (1.0.14)
    multipart-post (2.1.1)
    net-scp (3.0.0)
      net-ssh (>= 2.6.5, < 7.0.0)
    net-ssh (6.1.0)
    octokit (4.18.0)
      faraday (>= 0.9)
      sawyer (~> 0.8.0, >= 0.5.3)
    public_suffix (4.0.6)
    raabro (1.3.1)
    rake (13.0.1)
    rufus-scheduler (3.6.0)
      fugit (~> 1.1, >= 1.1.6)
    sawyer (0.8.2)
      addressable (>= 2.3.5)
      faraday (> 0.8, < 2.0)
    systemu (2.6.5)
    thread_safe (0.3.6)
    tzinfo (1.2.7)
      thread_safe (~> 0.1)

PLATFORMS
  ruby

DEPENDENCIES
  bundler (~> 2.1)
  rake (~> 13.0)
  rbcli!

BUNDLED WITH
   2.1.4
