PATH
  remote: .
  specs:
    rbcli (0.1.3)
      aws-sdk-dynamodb (~> 1.6)
      colorize (~> 0.8)
      deep_merge (~> 1.2)

GEM
  remote: https://rubygems.org/
  specs:
    aws-eventstream (1.0.0)
    aws-partitions (1.87.0)
    aws-sdk-core (3.21.2)
      aws-eventstream (~> 1.0)
      aws-partitions (~> 1.0)
      aws-sigv4 (~> 1.0)
      jmespath (~> 1.0)
    aws-sdk-dynamodb (1.6.0)
      aws-sdk-core (~> 3)
      aws-sigv4 (~> 1.0)
    aws-sigv4 (1.0.2)
    colorize (0.8.1)
    deep_merge (1.2.1)
    jmespath (1.4.0)
    minitest (5.11.3)
    rake (10.5.0)

PLATFORMS
  ruby

DEPENDENCIES
  bundler (~> 1.16)
  minitest (~> 5.0)
  rake (~> 10.0)
  rbcli!

BUNDLED WITH
   1.16.2
