PATH
  remote: .
  specs:
    rbcli (0.3.2)
      aws-sdk-dynamodb (~> 1)
      colorize (~> 1)
      deep_merge (~> 1)
      macaddr (~> 1)
      mdless (~> 1)
      net-scp (~> 4)
      net-ssh (~> 7)
      octokit (~> 7)
      rufus-scheduler (~> 3)

GEM
  remote: https://rubygems.org/
  specs:
    addressable (2.8.5)
      public_suffix (>= 2.0.2, < 6.0)
    aws-eventstream (1.2.0)
    aws-partitions (1.843.0)
    aws-sdk-core (3.185.1)
      aws-eventstream (~> 1, >= 1.0.2)
      aws-partitions (~> 1, >= 1.651.0)
      aws-sigv4 (~> 1.5)
      jmespath (~> 1, >= 1.6.1)
    aws-sdk-dynamodb (1.96.0)
      aws-sdk-core (~> 3, >= 3.184.0)
      aws-sigv4 (~> 1.1)
    aws-sigv4 (1.6.1)
      aws-eventstream (~> 1, >= 1.0.2)
    base64 (0.1.1)
    colorize (1.1.0)
    concurrent-ruby (1.2.2)
    deep_merge (1.2.2)
    et-orbi (1.2.7)
      tzinfo
    faraday (2.7.11)
      base64
      faraday-net_http (>= 2.0, < 3.1)
      ruby2_keywords (>= 0.0.4)
    faraday-net_http (3.0.2)
    fugit (1.9.0)
      et-orbi (~> 1, >= 1.2.7)
      raabro (~> 1.4)
    jmespath (1.6.2)
    macaddr (1.7.2)
      systemu (~> 2.6.5)
    mdless (1.0.37)
    net-scp (4.0.0)
      net-ssh (>= 2.6.5, < 8.0.0)
    net-ssh (7.2.0)
    octokit (7.2.0)
      faraday (>= 1, < 3)
      sawyer (~> 0.9)
    public_suffix (5.0.3)
    raabro (1.4.0)
    rake (13.0.6)
    ruby2_keywords (0.0.5)
    rufus-scheduler (3.9.1)
      fugit (~> 1.1, >= 1.1.6)
    sawyer (0.9.2)
      addressable (>= 2.3.5)
      faraday (>= 0.17.3, < 3)
    systemu (2.6.5)
    tzinfo (2.0.6)
      concurrent-ruby (~> 1.0)

PLATFORMS
  arm64-darwin-23
  x86_64-darwin-23

DEPENDENCIES
  bundler (>= 2)
  rake (>= 13)
  rbcli!

BUNDLED WITH
   2.4.21
