PATH
  remote: .
  specs:
    rbcli (0.1.1)
      colorize (~> 0.8)
      deep_merge (~> 1.2)
      trollop (~> 2.1)

GEM
  remote: https://rubygems.org/
  specs:
    colorize (0.8.1)
    deep_merge (1.2.1)
    minitest (5.11.3)
    rake (10.5.0)
    trollop (2.1.2)

PLATFORMS
  ruby

DEPENDENCIES
  bundler (~> 1.16)
  minitest (~> 5.0)
  rake (~> 10.0)
  rbcli!

BUNDLED WITH
   1.16.2
