PATH
  remote: .
  specs:
    rbcli (0.2.11)
      aws-sdk-dynamodb (~> 1.21)
      colorize (~> 0.8)
      deep_merge (~> 1.2)
      macaddr (~> 1.7)
      mdless (~> 0.0)
      net-scp (~> 1.2)
      net-ssh (~> 5.1)
      octokit (~> 4.13)
      rufus-scheduler (~> 3.5)

GEM
  remote: https://rubygems.org/
  specs:
    addressable (2.5.2)
      public_suffix (>= 2.0.2, < 4.0)
    aws-eventstream (1.0.1)
    aws-partitions (1.141.0)
    aws-sdk-core (3.46.2)
      aws-eventstream (~> 1.0)
      aws-partitions (~> 1.0)
      aws-sigv4 (~> 1.0)
      jmespath (~> 1.0)
    aws-sdk-dynamodb (1.21.0)
      aws-sdk-core (~> 3, >= 3.39.0)
      aws-sigv4 (~> 1.0)
    aws-sigv4 (1.0.3)
    colorize (0.8.1)
    concurrent-ruby (1.1.4)
    deep_merge (1.2.1)
    et-orbi (1.1.7)
      tzinfo
    faraday (0.15.4)
      multipart-post (>= 1.2, < 3)
    fugit (1.1.8)
      et-orbi (~> 1.1, >= 1.1.7)
      raabro (~> 1.1)
    jmespath (1.4.0)
    macaddr (1.7.1)
      systemu (~> 2.6.2)
    mdless (0.0.10)
    multipart-post (2.0.0)
    net-scp (1.2.1)
      net-ssh (>= 2.6.5)
    net-ssh (5.1.0)
    octokit (4.13.0)
      sawyer (~> 0.8.0, >= 0.5.3)
    public_suffix (3.0.3)
    raabro (1.1.6)
    rake (12.3.2)
    rufus-scheduler (3.5.2)
      fugit (~> 1.1, >= 1.1.5)
    sawyer (0.8.1)
      addressable (>= 2.3.5, < 2.6)
      faraday (~> 0.8, < 1.0)
    systemu (2.6.5)
    tzinfo (2.0.0)
      concurrent-ruby (~> 1.0)

PLATFORMS
  ruby

DEPENDENCIES
  bundler (~> 2.0)
  rake (~> 12.3)
  rbcli!

BUNDLED WITH
   2.0.1
